PATH
  remote: .
  specs:
    dnn_generator (1.0.0)
      trollop (~> 1.16.2)

GEM
  remote: https://rubygems.org/
  specs:
    ansi (1.4.3)
    celluloid (0.15.2)
      timers (~> 1.1.0)
    ffi (1.9.3-x86-mingw32)
    guard (1.2.3)
      listen (>= 0.4.2)
      thor (>= 0.14.6)
    guard-minitest (0.5.0)
      guard (>= 0.4)
    listen (2.4.0)
      celluloid (>= 0.15.2)
      rb-fsevent (>= 0.9.3)
      rb-inotify (>= 0.9)
    minitest (3.2.0)
    rb-fsevent (0.9.3)
    rb-inotify (0.9.3)
      ffi (>= 0.5.0)
    thor (0.18.1)
    timers (1.1.0)
    trollop (1.16.2)
    turn (0.9.6)
      ansi

PLATFORMS
  x86-mingw32

DEPENDENCIES
  dnn_generator!
  guard (~> 1.2.3)
  guard-minitest (~> 0.5.0)
  minitest (~> 3.2.0)
  turn (~> 0.9.6)
